PATH
  remote: .
  specs:
    rubble (0.0.1)
      base32 (~> 0.3)
      commander (~> 4.2)
      docile (~> 1.1)
      logging (~> 1.8)
      rye (~> 0.9)

GEM
  remote: https://rubygems.org/
  specs:
    ae (1.8.2)
      ansi
    annoy (0.5.6)
      highline (>= 1.5.0)
    ansi (1.4.3)
    base32 (0.3.2)
    brass (1.2.1)
    commander (4.2.0)
      highline (~> 1.6.11)
    coveralls (0.7.1)
      multi_json (~> 1.3)
      rest-client
      simplecov (>= 0.7)
      term-ansicolor
      thor
    docile (1.1.5)
    domain_name (0.5.20190701)
      unf (>= 0.0.5, < 1.0.0)
    drydock (0.6.9)
    facets (2.9.3)
    highline (1.6.21)
    http-cookie (1.0.5)
      domain_name (~> 0.5)
    little-plugger (1.1.3)
    logging (1.8.2)
      little-plugger (>= 1.1.3)
      multi_json (>= 1.8.4)
    mime-types (2.99.3)
    multi_json (1.10.1)
    net-scp (1.2.1)
      net-ssh (>= 2.6.5)
    net-ssh (2.9.1)
    netrc (0.11.0)
    qed (2.9.1)
      ansi
      brass
      facets (>= 2.8)
    rake (10.3.2)
    rest-client (1.8.0)
      http-cookie (>= 1.0.2, < 2.0)
      mime-types (>= 1.16, < 3.0)
      netrc (~> 0.7)
    rye (0.9.12)
      annoy
      docile (>= 1.0.1)
      highline (>= 1.5.1)
      net-scp (>= 1.0.2)
      net-ssh (>= 2.0.13)
      sysinfo (>= 0.8.1)
    simplecov (0.9.0)
      docile (~> 1.1.0)
      multi_json
      simplecov-html (~> 0.8.0)
    simplecov-html (0.8.0)
    storable (0.8.9)
    sysinfo (0.8.1)
      drydock
      storable
    term-ansicolor (1.3.0)
      tins (~> 1.0)
    thor (0.19.1)
    tins (1.3.2)
    unf (0.1.4)
      unf_ext
    unf_ext (0.0.7.7)
    yard (0.8.7.4)

PLATFORMS
  ruby

DEPENDENCIES
  ae (~> 1.8)
  bundler (~> 1.7)
  coveralls (~> 0.7)
  qed (~> 2.9)
  rake (~> 10.3)
  rubble!
  yard (~> 0.8)
